GEM
  remote: https://rubygems.org/
  specs:
    connection_pool (2.2.2)
    mock_redis (0.22.0)
    rack (2.0.8)
    rack-protection (2.0.7)
      rack
    redis (4.1.3)
    sidekiq (6.0.4)
      connection_pool (>= 2.2.2)
      rack (>= 2.0.0)
      rack-protection (>= 2.0.0)
      redis (>= 4.1.0)

PLATFORMS
  ruby

DEPENDENCIES
  mock_redis (~> 0.19)
  sidekiq (~> 6.0)

BUNDLED WITH
   1.17.3
